GEM
  remote: http://rubygems.org/
  specs:
    activemodel (3.2.9)
      activesupport (= 3.2.9)
      builder (~> 3.0.0)
    activerecord (3.2.9)
      activemodel (= 3.2.9)
      activesupport (= 3.2.9)
      arel (~> 3.0.2)
      tzinfo (~> 0.3.29)
    activesupport (3.2.9)
      i18n (~> 0.6)
      multi_json (~> 1.0)
    arel (3.0.2)
    aws-sdk (1.8.0)
      httparty (~> 0.7)
      json (~> 1.4)
      nokogiri (>= 1.4.4)
      uuidtools (~> 2.1)
    builder (3.0.4)
    httparty (0.9.0)
      multi_json (~> 1.0)
      multi_xml
    i18n (0.6.1)
    json (1.7.5)
    multi_json (1.5.0)
    multi_xml (0.5.1)
    nokogiri (1.5.6)
    sqlite3 (1.3.6)
    tzinfo (0.3.35)
    uuidtools (2.1.3)

PLATFORMS
  ruby

DEPENDENCIES
  activerecord
  aws-sdk (~> 1.8)
  sqlite3
